GEM
  remote: https://rubygems.org/
  specs:
    httparty (0.13.3)
      json (~> 1.8)
      multi_xml (>= 0.5.2)
    json (1.8.1)
    multi_xml (0.5.5)
    require_all (1.3.2)
    youtube_dl (0.0.2)
      httparty

PLATFORMS
  ruby

DEPENDENCIES
  require_all
  youtube_dl (= 0.0.2)
