GEM
  remote: https://rubygems.org/
  specs:
    require_all (1.2.1)

PLATFORMS
  ruby

DEPENDENCIES
  require_all
