GEM
  remote: https://rubygems.org/
  specs:
    binding_of_caller (0.7.2)
      debug_inspector (>= 0.0.1)
    bond (0.5.1)
    byebug (3.5.1)
      columnize (~> 0.8)
      debugger-linecache (~> 1.2)
      slop (~> 3.6)
    coderay (1.1.0)
    columnize (0.9.0)
    debug_inspector (0.0.2)
    debugger-linecache (1.2.0)
    httparty (0.13.3)
      json (~> 1.8)
      multi_xml (>= 0.5.2)
    interception (0.5)
    json (1.8.1)
    method_source (0.8.2)
    multi_xml (0.5.5)
    power_assert (0.2.2)
    pry (0.10.1)
      coderay (~> 1.1.0)
      method_source (~> 0.8.1)
      slop (~> 3.4)
    pry-byebug (2.0.0)
      byebug (~> 3.4)
      pry (~> 0.10)
    pry-doc (0.6.0)
      pry (~> 0.9)
      yard (~> 0.8)
    pry-docmore (0.1.1)
      pry
      pry-doc
    pry-exception_explorer (0.2.3)
      pry-stack_explorer (>= 0.4.6)
    pry-rescue (1.4.1)
      interception (>= 0.5)
      pry
    pry-stack_explorer (0.4.9.1)
      binding_of_caller (>= 0.7)
      pry (>= 0.9.11)
    require_all (1.3.2)
    slop (3.6.0)
    test-unit (3.0.8)
      power_assert
    yard (0.8.7.6)
    youtube_dl (0.0.2)
      httparty

PLATFORMS
  ruby

DEPENDENCIES
  bond
  pry
  pry-byebug
  pry-doc
  pry-docmore
  pry-exception_explorer
  pry-rescue
  pry-stack_explorer
  require_all
  test-unit
  youtube_dl (= 0.0.2)
